GEM
  remote: http://rubygems.org/
  specs:
    kicker (2.6.1)
      listen
    listen (0.5.0)
    rake (0.9.2.2)
    rb-fsevent (0.9.1)

PLATFORMS
  ruby

DEPENDENCIES
  kicker
  rake
  rb-fsevent (~> 0.9.1)
