GEM
  remote: http://rubygems.org/
  specs:
    coffee-script (2.2.0)
      coffee-script-source
      execjs
    coffee-script-source (1.3.3)
    colored (1.2)
    execjs (1.4.0)
      multi_json (~> 1.0)
    kicker (2.5.0)
      rb-fsevent
    multi_json (1.3.6)
    rake (0.9.2.2)
    rb-fsevent (0.9.0)

PLATFORMS
  ruby

DEPENDENCIES
  coffee-script
  colored
  kicker
  rake
